GEM
  remote: https://rubygems.org/
  specs:
    actionmailer (3.2.15)
      actionpack (= 3.2.15)
      mail (~> 2.5.4)
    actionpack (3.2.15)
      activemodel (= 3.2.15)
      activesupport (= 3.2.15)
      builder (~> 3.0.0)
      erubis (~> 2.7.0)
      journey (~> 1.0.4)
      rack (~> 1.4.5)
      rack-cache (~> 1.2)
      rack-test (~> 0.6.1)
      sprockets (~> 2.2.1)
    activemodel (3.2.15)
      activesupport (= 3.2.15)
      builder (~> 3.0.0)
    activerecord (3.2.15)
      activemodel (= 3.2.15)
      activesupport (= 3.2.15)
      arel (~> 3.0.2)
      tzinfo (~> 0.3.29)
    activeresource (3.2.15)
      activemodel (= 3.2.15)
      activesupport (= 3.2.15)
    activesupport (3.2.15)
      i18n (~> 0.6, >= 0.6.4)
      multi_json (~> 1.0)
    arel (3.0.3)
    bootstrap-datepicker-rails (1.1.1.9)
      railties (>= 3.0)
    builder (3.0.4)
    chronic (0.10.2)
    coffee-rails (3.2.2)
      coffee-script (>= 2.2.0)
      railties (~> 3.2.0)
    coffee-script (2.2.0)
      coffee-script-source
      execjs
    coffee-script-source (1.6.3)
    commonjs (0.2.7)
    daemons (1.1.9)
    date_validator (0.7.0)
      activemodel (>= 3)
    delorean (2.1.0)
      chronic
    docile (1.1.0)
    dynamic_form (1.1.4)
    erubis (2.7.0)
    eventmachine (1.0.3)
    execjs (2.0.2)
    hike (1.2.3)
    htmlentities (4.3.1)
    i18n (0.6.5)
    journey (1.0.4)
    jquery-rails (3.0.4)
      railties (>= 3.0, < 5.0)
      thor (>= 0.14, < 2.0)
    jquery-simplecolorpicker-rails (0.4.0)
      railties (>= 3.1.0)
    jquery-ui-rails (4.1.0)
      railties (>= 3.1.0)
    jquery-validation-rails (1.11.1)
      thor (~> 0.14)
    json (1.8.1)
    less (2.4.0)
      commonjs (~> 0.2.7)
    less-rails (2.4.2)
      actionpack (>= 3.1)
      less (~> 2.4.0)
    libv8 (3.16.14.3)
    lockfile (2.1.0)
    mail (2.5.4)
      mime-types (~> 1.16)
      treetop (~> 1.4.8)
    mime-types (1.25)
    multi_json (1.8.2)
    nested_set (1.7.1)
      activerecord (>= 3.0.0)
      railties (>= 3.0.0)
    paper_trail (2.7.2)
      activerecord (~> 3.0)
      railties (~> 3.0)
    pg (0.17.0)
    polyglot (0.3.3)
    rack (1.4.5)
    rack-cache (1.2)
      rack (>= 0.4)
    rack-ssl (1.3.3)
      rack
    rack-test (0.6.2)
      rack (>= 1.0)
    rails (3.2.15)
      actionmailer (= 3.2.15)
      actionpack (= 3.2.15)
      activerecord (= 3.2.15)
      activeresource (= 3.2.15)
      activesupport (= 3.2.15)
      bundler (~> 1.0)
      railties (= 3.2.15)
    railties (3.2.15)
      actionpack (= 3.2.15)
      activesupport (= 3.2.15)
      rack-ssl (~> 1.3.2)
      rake (>= 0.8.7)
      rdoc (~> 3.4)
      thor (>= 0.14.6, < 2.0)
    rake (10.1.0)
    rdoc (3.12.2)
      json (~> 1.4)
    redcarpet (3.0.0)
    ref (1.0.5)
    sass (3.2.12)
    sass-rails (3.2.6)
      railties (~> 3.2.0)
      sass (>= 3.1.10)
      tilt (~> 1.3)
    simplecov (0.8.1)
      docile (~> 1.1.0)
      lockfile (>= 2.1.0)
      multi_json
      simplecov-html (~> 0.8.0)
    simplecov-html (0.8.0)
    sprockets (2.2.2)
      hike (~> 1.2)
      multi_json (~> 1.0)
      rack (~> 1.0)
      tilt (~> 1.1, != 1.3.0)
    sqlite3 (1.3.8)
    therubyracer (0.12.0)
      libv8 (~> 3.16.14.0)
      ref
    thin (1.6.1)
      daemons (>= 1.0.9)
      eventmachine (>= 1.0.0)
      rack (>= 1.0.0)
    thor (0.18.1)
    tilt (1.4.1)
    treetop (1.4.15)
      polyglot
      polyglot (>= 0.3.1)
    twitter_bootstrap_combo (0.0.3)
    tzinfo (0.3.38)
    uglifier (2.3.1)
      execjs (>= 0.3.0)
      json (>= 1.8.0)

PLATFORMS
  ruby

DEPENDENCIES
  bootstrap-datepicker-rails
  coffee-rails (~> 3.2.1)
  date_validator
  delorean
  dynamic_form
  htmlentities
  jquery-rails
  jquery-simplecolorpicker-rails
  jquery-ui-rails
  jquery-validation-rails
  less-rails
  nested_set
  paper_trail
  pg
  rails (~> 3.2.8)
  redcarpet
  sass-rails (~> 3.2.3)
  simplecov
  sqlite3
  therubyracer
  thin
  twitter_bootstrap_combo
  uglifier (>= 1.0.3)
